PATH
  remote: .
  specs:
    annot (0.1.0)
      commander (~> 4.4.7)
      nokogiri (~> 1.10)

GEM
  remote: https://rubygems.org/
  specs:
    commander (4.4.7)
      highline (~> 2.0.0)
    highline (2.0.2)
    mini_portile2 (2.4.0)
    nokogiri (1.10.5)
      mini_portile2 (~> 2.4.0)
    rake (12.3.2)

PLATFORMS
  ruby

DEPENDENCIES
  annot!
  bundler (~> 1.17)
  rake (~> 12.3)

BUNDLED WITH
   1.17.2
